GEM
  remote: https://rubygems.org/
  specs:
    addressable (2.5.2)
      public_suffix (>= 2.0.2, < 4.0)
    claide (1.0.2)
    claide-plugins (0.9.2)
      cork
      nap
      open4 (~> 1.3)
    colored2 (3.1.2)
    cork (0.3.0)
      colored2 (~> 3.1)
    danger (5.14.0)
      claide (~> 1.0)
      claide-plugins (>= 0.9.2)
      colored2 (~> 3.1)
      cork (~> 0.1)
      faraday (~> 0.9)
      faraday-http-cache (~> 1.0)
      git (~> 1.5)
      kramdown (~> 1.5)
      no_proxy_fix
      octokit (~> 4.7)
      terminal-table (~> 1)
    danger-junit (0.7.4)
      danger (> 2.0)
      ox (~> 2.0)
    diff-lcs (1.3)
    equatable (0.5.0)
    faraday (0.15.4)
      multipart-post (>= 1.2, < 3)
    faraday-http-cache (1.3.1)
      faraday (~> 0.8)
    git (1.5.0)
    kramdown (1.17.0)
    multipart-post (2.0.0)
    nap (1.1.0)
    no_proxy_fix (0.1.2)
    octokit (4.13.0)
      sawyer (~> 0.8.0, >= 0.5.3)
    open4 (1.3.4)
    ox (2.10.0)
    pastel (0.7.2)
      equatable (~> 0.5.0)
      tty-color (~> 0.4.0)
    public_suffix (3.0.3)
    rake (12.3.2)
    rspec (3.8.0)
      rspec-core (~> 3.8.0)
      rspec-expectations (~> 3.8.0)
      rspec-mocks (~> 3.8.0)
    rspec-core (3.8.0)
      rspec-support (~> 3.8.0)
    rspec-expectations (3.8.2)
      diff-lcs (>= 1.2.0, < 2.0)
      rspec-support (~> 3.8.0)
    rspec-mocks (3.8.0)
      diff-lcs (>= 1.2.0, < 2.0)
      rspec-support (~> 3.8.0)
    rspec-support (3.8.0)
    sawyer (0.8.1)
      addressable (>= 2.3.5, < 2.6)
      faraday (~> 0.8, < 1.0)
    terminal-table (1.8.0)
      unicode-display_width (~> 1.1, >= 1.1.1)
    tty-color (0.4.3)
    tty-command (0.8.2)
      pastel (~> 0.7.0)
    unicode-display_width (1.4.1)

PLATFORMS
  ruby

DEPENDENCIES
  danger-junit
  rake
  rspec
  tty-command

BUNDLED WITH
   1.17.2
